PATH
  remote: .
  specs:
    sf6 (0.1)

GEM
  remote: http://rubygems.org/
  specs:

PLATFORMS
  ruby

DEPENDENCIES
  sf6!
